GEM
  remote: https://rubygems.org/
  specs:
    concurrent-ruby (1.0.2)
    dry-auto_inject (0.3.0)
      dry-container (~> 0.3.4)
    dry-component (0.3.0)
      dry-auto_inject (~> 0.3)
      dry-configurable (~> 0.1)
      dry-container (~> 0.3, >= 0.3.4)
      inflecto (>= 0.0.2)
    dry-configurable (0.1.6)
      concurrent-ruby (~> 1.0)
    dry-container (0.3.4)
      concurrent-ruby (~> 1.0)
      dry-configurable (~> 0.1, >= 0.1.3)
    erubis (2.7.0)
    inflecto (0.0.2)
    minitest (5.9.0)
    rack (1.6.4)

PLATFORMS
  ruby

DEPENDENCIES
  dry-component (~> 0.3.0)
  erubis (~> 2.7.0)
  minitest (~> 5.9.0)
  rack (~> 1.6.4)

BUNDLED WITH
   1.12.4
