GEM
  remote: https://rubygems.org/
  specs:
    erubis (2.7.0)
    minitest (5.9.0)
    rack (1.6.4)

PLATFORMS
  ruby

DEPENDENCIES
  erubis (~> 2.7.0)
  minitest (~> 5.9.0)
  rack (~> 1.6.4)

BUNDLED WITH
   1.12.4
