GEM
  remote: https://rubygems.org/
  specs:
    minitest (5.9.0)
    rack (1.6.4)

PLATFORMS
  ruby

DEPENDENCIES
  minitest (~> 5.9.0)
  rack (~> 1.6.4)

BUNDLED WITH
   1.12.4
